GEM
  remote: https://rubygems.org/
  specs:
    aws-partitions (1.39.0)
    aws-sdk-cloudfront (1.1.0)
      aws-sdk-core (~> 3)
      aws-sigv4 (~> 1.0)
    aws-sdk-core (3.9.0)
      aws-partitions (~> 1.0)
      aws-sigv4 (~> 1.0)
      jmespath (~> 1.0)
    aws-sigv4 (1.0.2)
    dalli (2.7.6)
    dotenv (2.2.1)
    jmespath (1.3.1)
    mini_portile2 (2.3.0)
    mustermann (1.0.1)
    nokogiri (1.8.1)
      mini_portile2 (~> 2.3.0)
    puma (3.10.0)
    rack (2.0.3)
    rack-protection (2.0.0)
      rack
    rake (12.3.0)
    sinatra (2.0.0)
      mustermann (~> 1.0)
      rack (~> 2.0)
      rack-protection (= 2.0.0)
      tilt (~> 2.0)
    tilt (2.0.8)

PLATFORMS
  ruby

DEPENDENCIES
  aws-sdk-cloudfront!
  dalli!
  dotenv!
  nokogiri!
  puma!
  rake!
  sinatra!

RUBY VERSION
   ruby 2.4.2p198

BUNDLED WITH
   1.15.4
