GEM
  remote: https://rubygems.org/
  specs:
    cloudflair (0.2.0)
      dry-configurable (~> 0.1)
      faraday (>= 0.10.0)
      faraday-detailed_logger
      faraday_middleware
    concurrent-ruby (1.0.5)
    dalli (2.7.6)
    dotenv (2.2.1)
    dry-configurable (0.7.0)
      concurrent-ruby (~> 1.0)
    faraday (0.13.1)
      multipart-post (>= 1.2, < 3)
    faraday-detailed_logger (2.1.2)
      faraday (~> 0.8)
    faraday_middleware (0.12.2)
      faraday (>= 0.7.4, < 1.0)
    mini_portile2 (2.3.0)
    multipart-post (2.0.0)
    mustermann (1.0.1)
    nokogiri (1.8.1)
      mini_portile2 (~> 2.3.0)
    puma (3.10.0)
    rack (2.0.3)
    rack-protection (2.0.0)
      rack
    rake (12.3.0)
    sinatra (2.0.0)
      mustermann (~> 1.0)
      rack (~> 2.0)
      rack-protection (= 2.0.0)
      tilt (~> 2.0)
    tilt (2.0.8)

PLATFORMS
  ruby

DEPENDENCIES
  cloudflair!
  dalli!
  dotenv!
  faraday (>= 0.13, < 0.14)!
  nokogiri!
  puma!
  rake!
  sinatra!

RUBY VERSION
   ruby 2.4.2p198

BUNDLED WITH
   1.15.4
